{
	"Modality": "MR",
	"MagneticFieldStrength": 1.5,
	"ImagingFrequency": 17.6107,
	"Manufacturer": "Siemens",
	"ManufacturersModelName": "Avanto",
	"InstitutionName": "UVa Research ART Building",
	"InstitutionalDepartmentName": "Radiology",
	"InstitutionAddress": "Ray C. Hunt Dr. 480,Charlottsville,31- Washington,US,22903",
	"DeviceSerialNumber": "59035",
	"StationName": "MRC59035",
	"BodyPartExamined": "LUNG",
	"PatientPosition": "FFS",
	"ProcedureStepDescription": "UVa Research Snyder Avanto^HPG-Xe129",
	"SoftwareVersions": "syngo MR D13",
	"MRAcquisitionType": "2D",
	"SeriesDescription": "Xe129 2D spiral 7ms 4x4x15 12 intl",
	"ProtocolName": "Xe129 2D spiral 7ms 4x4x15 12 intl",
	"ScanningSequence": "RM",
	"SequenceVariant": "SP",
	"SequenceName": "spl2d1",
	"ImageType": ["ORIGINAL", "PRIMARY", "M", "ND"],
	"SeriesNumber": 12,
	"AcquisitionNumber": 1,
	"ImageComments": "Mag - Rep:1/1 Slc:1/15",
	"ConvolutionKernel": "²",
	"SliceThickness": 15,
	"SAR": 0.0816918,
	"EchoTime": 1.19,
	"RepetitionTime": 11.4,
	"InversionTime": 150,
	"FlipAngle": 20,
	"PartialFourier": 1,
	"BaseResolution": 128,
	"ShimSetting": [
		-183,
		5,
		72,
		296,
		-305,
		195,
		257,
		22	],
	"TxRefAmp": 100,
	"PhaseResolution": 2,
	"ReceiveCoilName": "XenonCP2",
	"ReceiveCoilActiveElements": "Xe",
	"PulseSequenceDetails": "%CustomerSeq%\\chm\\sp1xenon2",
	"ConsistencyInfo": "N4_VD13A_LATEST_20120616",
	"MultibandAccelerationFactor": 15,
	"AcquisitionMatrixPE": 258,
	"ReconMatrixPE": 128,
	"PixelBandwidth": 2.14748e+09,
	"PhaseEncodingDirection": "i",
	"ImageOrientationPatientDICOM": [
		1,
		0,
		0,
		0,
		0,
		-1	],
	"InPlanePhaseEncodingDirectionDICOM": "ROW",
	"ConversionSoftware": "dcm2niix",
	"ConversionSoftwareVersion": "v1.0.20201216"
}
