{
	"Modality": "MR",
	"MagneticFieldStrength": 1.5,
	"ImagingFrequency": 17.6081,
	"Manufacturer": "Siemens",
	"ManufacturersModelName": "Avanto_DOT",
	"InstitutionName": "UVa Research ART Building",
	"InstitutionalDepartmentName": "Radiology",
	"InstitutionAddress": "Ray C. Hunt Dr. 480,Charlottsville,31- Washington,US,22903",
	"DeviceSerialNumber": "59035",
	"StationName": "MRC59035",
	"BodyPartExamined": "LUNG",
	"PatientPosition": "FFS",
	"ProcedureStepDescription": "13740",
	"SoftwareVersions": "syngo MR E11",
	"MRAcquisitionType": "2D",
	"SeriesDescription": "Xe129 2D spiral 7ms 4x4x15 12 intl",
	"ProtocolName": "Xe129 2D spiral 7ms 4x4x15 12 intl",
	"ScanningSequence": "RM",
	"SequenceVariant": "SP",
	"SequenceName": "spl2d1",
	"ImageType": ["ORIGINAL", "PRIMARY", "M", "ND"],
	"SeriesNumber": 7,
	"AcquisitionNumber": 1,
	"ImageComments": "Mag - Rep:1/1 Slc:1/17",
	"ConvolutionKernel": "\n",
	"SliceThickness": 15,
	"SAR": 0.105719,
	"EchoTime": 1.19,
	"RepetitionTime": 11.4,
	"InversionTime": 150,
	"FlipAngle": 20,
	"PartialFourier": 1,
	"BaseResolution": 128,
	"ShimSetting": [
		-198,
		-22,
		84,
		352,
		-280,
		153,
		290,
		59	],
	"TxRefAmp": 100,
	"PhaseResolution": 1,
	"ReceiveCoilName": "XenonCP2",
	"ReceiveCoilActiveElements": "BC",
	"CoilString": "Xe",
	"PulseSequenceDetails": "%CustomerSeq%\\chm\\sp1xenon2",
	"ConsistencyInfo": "N4_VE11D_LATEST_20180608",
	"MultibandAccelerationFactor": 17,
	"AcquisitionMatrixPE": 128,
	"ReconMatrixPE": 128,
	"PixelBandwidth": 2.14748e+09,
	"PhaseEncodingDirection": "i",
	"ImageOrientationPatientDICOM": [
		1,
		0,
		0,
		0,
		0,
		-1	],
	"InPlanePhaseEncodingDirectionDICOM": "ROW",
	"ConversionSoftware": "dcm2niix",
	"ConversionSoftwareVersion": "v1.0.20201216"
}
