{
	"Modality": "MR",
	"MagneticFieldStrength": 1.5,
	"ImagingFrequency": 17.6107,
	"Manufacturer": "Siemens",
	"ManufacturersModelName": "Avanto",
	"InstitutionName": "UVa Research ART Building",
	"InstitutionalDepartmentName": "Radiology",
	"InstitutionAddress": "Ray C. Hunt Dr. 480,Charlottsville,31- Washington,US,22903",
	"DeviceSerialNumber": "59035",
	"StationName": "MRC59035",
	"BodyPartExamined": "LUNG",
	"PatientPosition": "FFS",
	"ProcedureStepDescription": "UVa Research Snyder Avanto^HPG-Xe129",
	"SoftwareVersions": "syngo MR D13",
	"MRAcquisitionType": "2D",
	"SeriesDescription": "Coronal vent 4.0x4.0x15",
	"ProtocolName": "Coronal vent 4.0x4.0x15",
	"ScanningSequence": "GR",
	"SequenceVariant": "SP",
	"SequenceName": "fl2d1",
	"ImageType": ["ORIGINAL", "PRIMARY", "M", "DIS2D"],
	"SeriesNumber": 3,
	"AcquisitionTime": "13:56:12.985000",
	"AcquisitionNumber": 1,
	"ConvolutionKernel": "Î",
	"SliceThickness": 15,
	"SpacingBetweenSlices": 15,
	"SAR": 0.0343535,
	"EchoTime": 0.0037,
	"RepetitionTime": 0.0092,
	"FlipAngle": 10,
	"PartialFourier": 1,
	"Interpolation2D": 1,
	"BaseResolution": 96,
	"ShimSetting": [
		-117,
		36,
		57,
		308,
		-226,
		249,
		186,
		-71	],
	"TxRefAmp": 100,
	"PhaseResolution": 1,
	"ReceiveCoilName": "XenonCP2",
	"ReceiveCoilActiveElements": "Xe",
	"PulseSequenceDetails": "%CustomerSeq%\\jpm\\HPG\\gre_hpg_17",
	"ConsistencyInfo": "N4_VD13A_LATEST_20120616",
	"PercentPhaseFOV": 93.75,
	"PercentSampling": 100,
	"PhaseEncodingSteps": 90,
	"AcquisitionMatrixPE": 90,
	"ReconMatrixPE": 180,
	"PixelBandwidth": 120,
	"DwellTime": 4.35e-05,
	"PhaseEncodingDirection": "i",
	"SliceTiming": [
		0,
		0.82812,
		1.65625,
		2.48438,
		3.3125,
		4.14062,
		4.96875,
		5.79688,
		6.625,
		7.45312,
		8.28125,
		9.10938,
		9.9375	],
	"ImageOrientationPatientDICOM": [
		1,
		0,
		0,
		0,
		0,
		-1	],
	"InPlanePhaseEncodingDirectionDICOM": "ROW",
	"ConversionSoftware": "dcm2niix",
	"ConversionSoftwareVersion": "v1.0.20201216"
}
